GEM
  remote: https://rubygems.org/
  specs:
    ben_string (1.2.0)

PLATFORMS
  ruby

DEPENDENCIES
  ben_string (~> 1.2)

BUNDLED WITH
   1.10.6
